GEM
  remote: http://rubygems.org/
  specs:
    RedCloth (4.2.9)
    aaronh-chronic (0.3.9)
    abstract (1.0.0)
    actionmailer (3.0.4)
      actionpack (= 3.0.4)
      mail (~> 2.2.15)
    actionpack (3.0.4)
      activemodel (= 3.0.4)
      activesupport (= 3.0.4)
      builder (~> 2.1.2)
      erubis (~> 2.6.6)
      i18n (~> 0.4)
      rack (~> 1.2.1)
      rack-mount (~> 0.6.13)
      rack-test (~> 0.5.7)
      tzinfo (~> 0.3.23)
    activemodel (3.0.4)
      activesupport (= 3.0.4)
      builder (~> 2.1.2)
      i18n (~> 0.4)
    activerecord (3.0.4)
      activemodel (= 3.0.4)
      activesupport (= 3.0.4)
      arel (~> 2.0.2)
      tzinfo (~> 0.3.23)
    activeresource (3.0.4)
      activemodel (= 3.0.4)
      activesupport (= 3.0.4)
    activesupport (3.0.4)
    addressable (2.2.6)
    arel (2.0.10)
    builder (2.1.2)
    capybara (1.1.2)
      mime-types (>= 1.16)
      nokogiri (>= 1.3.3)
      rack (>= 1.0.0)
      rack-test (>= 0.5.4)
      selenium-webdriver (~> 2.0)
      xpath (~> 0.1.4)
    childprocess (0.2.3)
      ffi (~> 1.0.6)
    coderay (1.0.4)
    cucumber (1.1.3)
      builder (>= 2.1.2)
      diff-lcs (>= 1.1.2)
      gherkin (~> 2.6.7)
      json (>= 1.4.6)
      term-ansicolor (>= 1.0.6)
    cucumber-rails (1.2.1)
      capybara (>= 1.1.2)
      cucumber (>= 1.1.3)
      nokogiri (>= 1.5.0)
    diff-lcs (1.1.3)
    erubis (2.6.6)
      abstract (>= 1.0.0)
    factory_girl (2.3.2)
      activesupport
    faraday (0.7.5)
      addressable (~> 2.2.6)
      multipart-post (~> 1.1.3)
      rack (>= 1.1.0, < 2)
    ffi (1.0.11)
    formtastic (2.0.2)
      rails (~> 3.0)
    gherkin (2.6.9)
      json (>= 1.4.6)
    hpricot (0.8.5)
    i18n (0.6.0)
    json (1.6.3)
    lesstile (1.0.1)
    mail (2.2.19)
      activesupport (>= 2.3.6)
      i18n (>= 0.4.0)
      mime-types (~> 1.16)
      treetop (~> 1.4.8)
    mime-types (1.17.2)
    multi_json (1.0.4)
    multipart-post (1.1.4)
    nokogiri (1.5.0)
    oauth2 (0.5.1)
      faraday (~> 0.7.4)
      multi_json (~> 1.0.3)
    polyglot (0.3.3)
    rack (1.2.4)
    rack-mount (0.6.14)
      rack (>= 1.0.0)
    rack-openid (1.3.1)
      rack (>= 1.1.0)
      ruby-openid (>= 2.1.8)
    rack-test (0.5.7)
      rack (>= 1.0)
    rails (3.0.4)
      actionmailer (= 3.0.4)
      actionpack (= 3.0.4)
      activerecord (= 3.0.4)
      activeresource (= 3.0.4)
      activesupport (= 3.0.4)
      bundler (~> 1.0)
      railties (= 3.0.4)
    railties (3.0.4)
      actionpack (= 3.0.4)
      activesupport (= 3.0.4)
      rake (>= 0.8.7)
      thor (~> 0.14.4)
    rake (0.9.2.2)
    rspec (2.7.0)
      rspec-core (~> 2.7.0)
      rspec-expectations (~> 2.7.0)
      rspec-mocks (~> 2.7.0)
    rspec-core (2.7.1)
    rspec-expectations (2.7.0)
      diff-lcs (~> 1.1.2)
    rspec-mocks (2.7.0)
    rspec-rails (2.7.0)
      actionpack (~> 3.0)
      activesupport (~> 3.0)
      railties (~> 3.0)
      rspec (~> 2.7.0)
    ruby-openid (2.1.8)
    rubyzip (0.9.5)
    selenium-webdriver (2.14.0)
      childprocess (>= 0.2.1)
      ffi (~> 1.0.9)
      multi_json (~> 1.0.4)
      rubyzip
    sqlite3 (1.3.5)
    sqlite3-ruby (1.3.3)
      sqlite3 (>= 1.3.3)
    term-ansicolor (1.0.7)
    thor (0.14.6)
    treetop (1.4.10)
      polyglot
      polyglot (>= 0.3.1)
    tzinfo (0.3.31)
    webrat (0.7.3)
      nokogiri (>= 1.2.0)
      rack (>= 1.0)
      rack-test (>= 0.5.3)
    will_paginate (3.0.pre2)
    xpath (0.1.4)
      nokogiri (~> 1.3)

PLATFORMS
  ruby

DEPENDENCIES
  RedCloth
  aaronh-chronic
  coderay
  cucumber-rails
  factory_girl
  formtastic
  hpricot
  lesstile
  oauth2
  rack-openid
  rails (= 3.0.4)
  rspec
  rspec-rails
  ruby-openid
  sqlite3-ruby
  webrat
  will_paginate (= 3.0.pre2)
